GEM
  remote: https://rubygems.org/
  specs:
    citeproc (1.0.2)
      namae (~> 0.8)
    citeproc-ruby (1.1.0)
      citeproc (>= 1.0.2, < 2.0)
      csl (~> 1.4)
    csl (1.4.3)
      namae (~> 0.7)
    csl-styles (1.0.1.6)
      csl (~> 1.0)
    mini_portile2 (2.0.0)
    namae (0.10.1)
    nokogiri (1.6.7.1)
      mini_portile2 (~> 2.0.0.rc2)
    rack (1.6.4)
    rack-protection (1.5.3)
      rack
    sinatra (1.4.6)
      rack (~> 1.4)
      rack-protection (~> 1.4)
      tilt (>= 1.3, < 3)
    tilt (2.0.1)

PLATFORMS
  ruby

DEPENDENCIES
  citeproc-ruby
  csl-styles
  nokogiri
  rack
  sinatra
